GEM
  remote: http://rubygems.org/
  specs:
    atk (0.90.8)
      glib2 (>= 0.90.8)
    cairo (1.10.0)
      pkg-config
    diff-lcs (1.1.2)
    gdk_pixbuf2 (0.90.8)
      glib2 (>= 0.90.8)
    git (1.2.5)
    glib2 (0.90.8)
      pkg-config
    gtk2 (0.90.8)
      atk (>= 0.90.8)
      gdk_pixbuf2 (>= 0.90.8)
      pango (>= 0.90.8)
    gtkmozembed (0.90.8)
      gtk2 (>= 0.90.8)
    jeweler (1.5.2)
      bundler (~> 1.0.0)
      git (>= 1.2.5)
      rake
    pango (0.90.8)
      cairo (>= 1.10.0)
      glib2 (>= 0.90.8)
    pkg-config (1.0.8)
    rake (0.8.7)
    rcov (0.9.9)
    rspec (2.3.0)
      rspec-core (~> 2.3.0)
      rspec-expectations (~> 2.3.0)
      rspec-mocks (~> 2.3.0)
    rspec-core (2.3.1)
    rspec-expectations (2.3.0)
      diff-lcs (~> 1.1.2)
    rspec-mocks (2.3.0)
    yard (0.6.5)

PLATFORMS
  ruby

DEPENDENCIES
  bundler (~> 1.0.0)
  gtk2
  gtkmozembed
  jeweler (~> 1.5.2)
  rcov
  rspec (~> 2.3.0)
  yard (~> 0.6.0)
